GEM
  remote: http://rubygems.org/
  specs:
    sass (3.4.20)

PLATFORMS
  ruby

DEPENDENCIES
  sass (= 3.4.20)

RUBY VERSION
   ruby 2.7.1p83

BUNDLED WITH
   2.1.4
